GEM
  remote: https://rubygems.org/
  specs:
    simple-rss (1.2.3)

PLATFORMS
  ruby

DEPENDENCIES
  simple-rss
